PATH
  remote: .
  specs:
    rack-tidy-ffi (0.2.1)
      tidy_ffi (>= 0.1.4)

GEM
  remote: https://rubygems.org/
  specs:
    base64 (0.3.0)
    diff-lcs (1.6.2)
    ffi (1.17.2)
    logger (1.7.0)
    mustermann (3.0.3)
      ruby2_keywords (~> 0.0.1)
    rack (3.1.16)
    rack-protection (4.1.1)
      base64 (>= 0.1.0)
      logger (>= 1.6.0)
      rack (>= 3.0.0, < 4)
    rack-session (2.1.1)
      base64 (>= 0.1.0)
      rack (>= 3.0.0)
    rake (13.3.0)
    rspec (3.13.1)
      rspec-core (~> 3.13.0)
      rspec-expectations (~> 3.13.0)
      rspec-mocks (~> 3.13.0)
    rspec-core (3.13.5)
      rspec-support (~> 3.13.0)
    rspec-expectations (3.13.5)
      diff-lcs (>= 1.2.0, < 2.0)
      rspec-support (~> 3.13.0)
    rspec-mocks (3.13.5)
      diff-lcs (>= 1.2.0, < 2.0)
      rspec-support (~> 3.13.0)
    rspec-support (3.13.4)
    ruby2_keywords (0.0.5)
    sinatra (4.1.1)
      logger (>= 1.6.0)
      mustermann (~> 3.0)
      rack (>= 3.0.0, < 4)
      rack-protection (= 4.1.1)
      rack-session (>= 2.0.0, < 3)
      tilt (~> 2.0)
    tidy_ffi (1.0.1)
      ffi (~> 1.2)
    tilt (2.6.1)

PLATFORMS
  ruby

DEPENDENCIES
  rack
  rack-tidy-ffi!
  rake
  rspec
  sinatra

BUNDLED WITH
   2.6.9
